GEM
  remote: https://rubygems.org/
  specs:
    aws-sdk (1.47.0)
      json (~> 1.4)
      nokogiri (>= 1.4.4)
    json (1.8.1)
    mini_portile (0.6.0)
    nokogiri (1.6.2.1)
      mini_portile (= 0.6.0)
    sqlite3 (1.3.9)

PLATFORMS
  ruby

DEPENDENCIES
  aws-sdk
  sqlite3
